GEM
  remote: https://rubygems.org/
  specs:
    hike (1.2.3)
    multi_json (1.10.1)
    puma (2.8.2)
      rack (>= 1.1, < 2.0)
    rack (1.5.2)
    rack-protection (1.5.3)
      rack
    shotgun (0.9)
      rack (>= 1.0)
    sinatra (1.4.5)
      rack (~> 1.4)
      rack-protection (~> 1.4)
      tilt (~> 1.3, >= 1.3.4)
    sprockets (2.12.1)
      hike (~> 1.2)
      multi_json (~> 1.0)
      rack (~> 1.0)
      tilt (~> 1.1, != 1.3.0)
    sprockets-helpers (1.1.0)
      sprockets (~> 2.0)
    tilt (1.4.1)

PLATFORMS
  ruby

DEPENDENCIES
  puma
  shotgun
  sinatra
  sprockets
  sprockets-helpers
